GEM
  remote: https://rubygems.org/
  specs:
    activemodel (5.0.0)
      activesupport (= 5.0.0)
    activerecord (5.0.0)
      activemodel (= 5.0.0)
      activesupport (= 5.0.0)
      arel (~> 7.0)
    activesupport (5.0.0)
      concurrent-ruby (~> 1.0, >= 1.0.2)
      i18n (~> 0.7)
      minitest (~> 5.1)
      tzinfo (~> 1.1)
    arel (7.0.0)
    concurrent-ruby (1.0.2)
    erubis (2.7.0)
    i18n (0.7.0)
    loader (3.1.0)
    minitest (5.9.0)
    pg (0.18.4)
    puma (3.8.2)
    rack (2.0.1)
    rack-app (6.6.0)
      rack
    rack-app-front_end (0.22.0)
      rack-app (>= 6.3.1)
      tilt
    rack-host-redirect (1.3.0)
      rack
    shotgun (0.9.2)
      rack (>= 1.0)
    thread_safe (0.3.5)
    tilt (2.0.7)
    tzinfo (1.2.2)
      thread_safe (~> 0.1)

PLATFORMS
  ruby

DEPENDENCIES
  activerecord
  erubis
  loader
  pg
  puma
  rack-app
  rack-app-front_end
  rack-host-redirect
  shotgun

BUNDLED WITH
   1.11.2
